GIT
  remote: git://projects.tryphon.priv/vmbox
  revision: 9ed21c6fb3a84eae6359508734e77abd931ddb9c
  specs:
    tryphon-vmbox (0.0.1)
      activesupport
      json
      qemu

PATH
  remote: .
  specs:
    system-builder (0.0.26)
      qemu
      tryphon-vmbox

GEM
  remote: https://rubygems.org/
  specs:
    ZenTest (4.5.0)
    activesupport (3.2.13)
      i18n (= 0.6.1)
      multi_json (~> 1.0)
    autotest (4.4.6)
      ZenTest (>= 4.4.1)
    daemons (1.1.9)
    diff-lcs (1.1.2)
    fakeweb (1.3.0)
    i18n (0.6.1)
    json (1.8.0)
    multi_json (1.7.6)
    qemu (0.0.1)
      daemons
    rake (0.9.2)
    rcov (0.9.9)
    rspec (2.6.0)
      rspec-core (~> 2.6.0)
      rspec-expectations (~> 2.6.0)
      rspec-mocks (~> 2.6.0)
    rspec-core (2.6.4)
    rspec-expectations (2.6.0)
      diff-lcs (~> 1.1.2)
    rspec-mocks (2.6.0)

PLATFORMS
  ruby

DEPENDENCIES
  autotest
  fakeweb
  rake
  rcov
  rspec
  system-builder!
  tryphon-vmbox!
