GIT
  remote: git://projects.tryphon.priv/vmbox
  revision: f8b08142663eca8c2633082cf4741116e5176590
  specs:
    tryphon-vmbox (0.0.1)
      qemu

PATH
  remote: .
  specs:
    system-builder (0.0.26)
      tryphon-vmbox

GEM
  remote: https://rubygems.org/
  specs:
    ZenTest (4.5.0)
    autotest (4.4.6)
      ZenTest (>= 4.4.1)
    daemons (1.1.9)
    diff-lcs (1.1.2)
    fakeweb (1.3.0)
    qemu (0.0.1)
      daemons
    rake (0.9.2)
    rcov (0.9.9)
    rspec (2.6.0)
      rspec-core (~> 2.6.0)
      rspec-expectations (~> 2.6.0)
      rspec-mocks (~> 2.6.0)
    rspec-core (2.6.4)
    rspec-expectations (2.6.0)
      diff-lcs (~> 1.1.2)
    rspec-mocks (2.6.0)

PLATFORMS
  ruby

DEPENDENCIES
  autotest
  fakeweb
  rake
  rcov
  rspec
  system-builder!
  tryphon-vmbox!
